PATH
  remote: .
  specs:
    abstract_class (0.0.2)

GEM
  remote: https://rubygems.org/
  specs:
    rake (10.4.2)

PLATFORMS
  ruby

DEPENDENCIES
  abstract_class!
  rake
